GEM
  remote: https://rubygems.org/
  specs:
    airbrussh (1.0.1)
      sshkit (>= 1.6.1, != 1.7.0)
    capistrano (3.5.0)
      airbrussh (>= 1.0.0)
      capistrano-harrow
      i18n
      rake (>= 10.0.0)
      sshkit (>= 1.9.0)
    capistrano-banner (0.2.1)
      capistrano (>= 3.0.0)
      highline
      term-ansicolor
    capistrano-bower (1.1.0)
      capistrano (~> 3.0)
    capistrano-composer (0.0.6)
      capistrano (>= 3.0.0.pre)
    capistrano-copy-files (0.0.1)
      capistrano (>= 3.0.0)
    capistrano-env-config (0.3.0)
      capistrano (~> 3.0)
      dotenv (~> 2.0)
    capistrano-file-permissions (1.0.0)
      capistrano (~> 3.0)
    capistrano-gulp (0.0.2)
      capistrano (~> 3.0)
    capistrano-harrow (0.5.1)
    capistrano-invoke (1.0.1)
      capistrano (>= 3.0)
    capistrano-list_stages (0.0.1)
      capistrano (>= 3.1.0)
    capistrano-npm (1.0.2)
      capistrano (>= 3.0.0)
    capistrano-ssh-doctor (1.0.0)
      capistrano (>= 3.1)
    capistrano-symfony (1.0.0.rc2)
      capistrano (~> 3.1)
      capistrano-composer (~> 0.0.3)
      capistrano-file-permissions (~> 1.0)
    dotenv (2.1.1)
    highline (1.7.8)
    i18n (0.7.0)
    net-scp (1.2.1)
      net-ssh (>= 2.6.5)
    net-ssh (3.1.1)
    rake (11.1.2)
    sshkit (1.10.0)
      net-scp (>= 1.1.2)
      net-ssh (>= 2.8.0)
    term-ansicolor (1.3.2)
      tins (~> 1.0)
    tins (1.10.1)

PLATFORMS
  ruby

DEPENDENCIES
  capistrano (~> 3.5)
  capistrano-banner
  capistrano-bower
  capistrano-copy-files
  capistrano-env-config
  capistrano-gulp
  capistrano-invoke
  capistrano-list_stages
  capistrano-npm
  capistrano-ssh-doctor (~> 1.0)
  capistrano-symfony (= 1.0.0.rc2)

BUNDLED WITH
   1.11.2
